GIT
  remote: git://github.com/lotus/assets.git
  revision: 82a079e50e660778d1a5fca82989edffbcfb2cdd
  specs:
    lotus-assets (0.0.0)
      lotus-utils (~> 0.3, >= 0.3.1.dev)
      tilt (~> 2.0, >= 2.0.1)

GEM
  remote: https://rubygems.org/
  specs:
    capybara (2.4.4)
      mime-types (>= 1.16)
      nokogiri (>= 1.3.3)
      rack (>= 1.0.0)
      rack-test (>= 0.5.4)
      xpath (~> 2.0)
    dotenv (2.0.2)
    http_router (0.11.1)
      rack (>= 1.0.0)
      url_mount (~> 0.2.1)
    kgio (2.9.3)
    libv8 (3.16.14.11)
    lotus-controller (0.4.4)
      lotus-utils (~> 0.5)
      lotus-validations (~> 0.3)
      rack (~> 1.5)
    lotus-helpers (0.2.0)
      lotus-utils (~> 0.5)
    lotus-model (0.4.0)
      lotus-utils (~> 0.5)
      sequel (~> 4.9)
    lotus-router (0.4.1)
      http_router (~> 0.11)
      lotus-utils (~> 0.5)
    lotus-utils (0.5.0)
    lotus-validations (0.3.2)
      lotus-utils (~> 0.4)
    lotus-view (0.4.2)
      lotus-utils (~> 0.5)
      tilt (~> 2.0, >= 2.0.1)
    lotusrb (0.4.0)
      dotenv (~> 2.0)
      lotus-controller (~> 0.4, >= 0.4.4)
      lotus-helpers (~> 0.2)
      lotus-router (~> 0.4, >= 0.4.1)
      lotus-utils (~> 0.5)
      lotus-view (~> 0.4)
      shotgun (~> 0.9)
      thor (~> 0.19)
    mime-types (2.6.1)
    mini_portile (0.6.2)
    minitest (5.7.0)
    nokogiri (1.6.6.2)
      mini_portile (~> 0.6.0)
    rack (1.6.4)
    rack-test (0.6.3)
      rack (>= 1.0)
    raindrops (0.14.0)
    rake (10.4.2)
    ref (1.0.5)
    sass (3.4.15)
    sequel (4.24.0)
    shotgun (0.9.1)
      rack (>= 1.0)
    sqlite3 (1.3.10)
    therubyracer (0.12.2)
      libv8 (~> 3.16.14.0)
      ref
    thor (0.19.1)
    tilt (2.0.1)
    unicorn (4.9.0)
      kgio (~> 2.6)
      rack
      raindrops (~> 0.7)
    url_mount (0.2.1)
      rack
    xpath (2.0.0)
      nokogiri (~> 1.3)

PLATFORMS
  ruby

DEPENDENCIES
  bundler
  capybara
  lotus-assets!
  lotus-model (~> 0.4)
  lotusrb (= 0.4.0)
  minitest
  rake
  sass
  sqlite3
  therubyracer
  unicorn
